PATH
  remote: .
  specs:
    mittens_ui (0.0.11)
      gtk3

GEM
  remote: https://rubygems.org/
  specs:
    atk (3.5.1)
      glib2 (= 3.5.1)
    cairo (1.17.5)
      native-package-installer (>= 1.0.3)
      pkg-config (>= 1.2.2)
      red-colors
    cairo-gobject (3.5.1)
      cairo (>= 1.16.2)
      glib2 (= 3.5.1)
    diff-lcs (1.5.0)
    fiddle (1.1.0)
    gdk3 (3.5.1)
      cairo-gobject (= 3.5.1)
      gdk_pixbuf2 (= 3.5.1)
      pango (= 3.5.1)
    gdk_pixbuf2 (3.5.1)
      gio2 (= 3.5.1)
    gio2 (3.5.1)
      fiddle
      gobject-introspection (= 3.5.1)
    glib2 (3.5.1)
      native-package-installer (>= 1.0.3)
      pkg-config (>= 1.3.5)
    gobject-introspection (3.5.1)
      glib2 (= 3.5.1)
    gtk3 (3.5.1)
      atk (= 3.5.1)
      gdk3 (= 3.5.1)
      gdk_pixbuf2 (= 3.5.1)
      gio2 (= 3.5.1)
      pango (= 3.5.1)
    matrix (0.4.2)
    native-package-installer (1.1.4)
    pango (3.5.1)
      cairo-gobject (= 3.5.1)
      gobject-introspection (= 3.5.1)
    pkg-config (1.4.7)
    rake (12.3.3)
    rake-compiler (1.2.0)
      rake
    red-colors (0.3.0)
      matrix
    rspec (3.11.0)
      rspec-core (~> 3.11.0)
      rspec-expectations (~> 3.11.0)
      rspec-mocks (~> 3.11.0)
    rspec-core (3.11.0)
      rspec-support (~> 3.11.0)
    rspec-expectations (3.11.0)
      diff-lcs (>= 1.2.0, < 2.0)
      rspec-support (~> 3.11.0)
    rspec-mocks (3.11.1)
      diff-lcs (>= 1.2.0, < 2.0)
      rspec-support (~> 3.11.0)
    rspec-support (3.11.0)

PLATFORMS
  x86_64-openbsd

DEPENDENCIES
  gtk3
  mittens_ui!
  rake (~> 12.0)
  rake-compiler
  rspec (~> 3.0)

RUBY VERSION
   ruby 3.1.2p20

BUNDLED WITH
   2.3.7
